GEM
  remote: https://rubygems.org/
  specs:
    ruby-macho (2.5.0)

PLATFORMS
  ruby

DEPENDENCIES
  ruby-macho

BUNDLED WITH
   2.1.4
